RESTRICTION: == net47
NUGET
  remote: https://www.nuget.org/api/v2
    Elmish.WPF (1.0.0-beta-1)
    Expression.Blend.Sdk (1.0.2)
    FSharp.Core (4.2.1)
    FsXaml.Wpf (3.1.2)
